GEM
  remote: https://rubygems.org/
  specs:
    concurrent-ruby (1.1.4)
    equatable (0.5.0)
    faker (1.9.1)
      i18n (>= 0.7)
    hooray (0.3.0)
      macaddr
      net-ping
      paint
      table_print
      thor
    i18n (1.3.0)
      concurrent-ruby (~> 1.0)
    macaddr (1.7.1)
      systemu (~> 2.6.2)
    necromancer (0.4.0)
    net-ping (2.0.5)
    open_uri_redirections (0.2.1)
    paint (2.0.3)
    pastel (0.7.2)
      equatable (~> 0.5.0)
      tty-color (~> 0.4.0)
    ruby-progressbar (1.10.0)
    rubyzip (1.2.2)
    systemu (2.6.5)
    table_print (1.5.6)
    thor (0.20.3)
    timers (4.2.0)
    tty-color (0.4.3)
    tty-cursor (0.6.0)
    tty-prompt (0.18.0)
      necromancer (~> 0.4.0)
      pastel (~> 0.7.0)
      timers (~> 4.0)
      tty-cursor (~> 0.6.0)
      tty-reader (~> 0.5.0)
    tty-reader (0.5.0)
      tty-cursor (~> 0.6.0)
      tty-screen (~> 0.6.4)
      wisper (~> 2.0.0)
    tty-screen (0.6.5)
    wisper (2.0.0)
    zip (2.0.2)

PLATFORMS
  ruby

DEPENDENCIES
  faker
  hooray
  open_uri_redirections
  ruby-progressbar
  rubyzip
  tty-prompt
  zip

BUNDLED WITH
   1.17.2
